PATH
  remote: .
  specs:
    VCR_reset_utils (0.1.0)

GEM
  remote: https://rubygems.org/
  specs:
    diff-lcs (1.4.4)
    rake (13.0.3)
    rspec (3.10.0)
      rspec-core (~> 3.10.0)
      rspec-expectations (~> 3.10.0)
      rspec-mocks (~> 3.10.0)
    rspec-core (3.10.0)
      rspec-support (~> 3.10.0)
    rspec-expectations (3.10.0)
      diff-lcs (>= 1.2.0, < 2.0)
      rspec-support (~> 3.10.0)
    rspec-mocks (3.10.0)
      diff-lcs (>= 1.2.0, < 2.0)
      rspec-support (~> 3.10.0)
    rspec-support (3.10.0)
    vcr (6.0.0)

PLATFORMS
  ruby

DEPENDENCIES
  VCR_reset_utils!
  bundler (~> 2.2, >= 2.2.11)
  rake (~> 13.0, >= 13.0.3)
  rspec (~> 3.0)
  vcr

BUNDLED WITH
   2.2.11
